GEM
  remote: https://rubygems.org/
  specs:
    dotenv (2.5.0)
    figaro (1.1.1)
      thor (~> 0.14)
    intercom (3.7.1)
    mustermann (1.0.3)
    rack (2.0.6)
    rack-protection (2.0.4)
      rack
    sinatra (2.0.4)
      mustermann (~> 1.0)
      rack (~> 2.0)
      rack-protection (= 2.0.4)
      tilt (~> 2.0)
    thor (0.20.3)
    tilt (2.0.9)

PLATFORMS
  ruby

DEPENDENCIES
  dotenv
  figaro
  intercom
  sinatra

BUNDLED WITH
   1.16.2
